GIT
  remote: https://github.com/adomokos/light-service
  revision: cca57a3a506387832b46eaa38fc251998808cd46
  branch: master
  specs:
    light-service (0.6.0)
      activesupport (>= 3.0)

GEM
  remote: https://rubygems.org/
  specs:
    activesupport (4.2.4)
      i18n (~> 0.7)
      json (~> 1.7, >= 1.7.7)
      minitest (~> 5.1)
      thread_safe (~> 0.3, >= 0.3.4)
      tzinfo (~> 1.1)
    ast (2.1.0)
    astrolabe (1.3.1)
      parser (~> 2.2)
    bundler-audit (0.4.0)
      bundler (~> 1.2)
      thor (~> 0.18)
    coderay (1.1.0)
    daemons (1.2.3)
    diff-lcs (1.2.5)
    flog (4.3.2)
      ruby_parser (~> 3.1, > 3.1.0)
      sexp_processor (~> 4.4)
    httparty (0.10.0)
      multi_json (~> 1.0)
      multi_xml
    i18n (0.7.0)
    json (1.8.3)
    method_source (0.8.2)
    minitest (5.8.0)
    msgpack (0.5.12)
    multi_json (1.11.2)
    multi_xml (0.5.5)
    parser (2.2.2.6)
      ast (>= 1.1, < 3.0)
    powerpack (0.1.1)
    pry (0.10.1)
      coderay (~> 1.1.0)
      method_source (~> 0.8.1)
      slop (~> 3.4)
    rack (1.6.4)
    rack-protection (1.5.3)
      rack
    rack-test (0.6.3)
      rack (>= 1.0)
    rainbow (2.0.0)
    rake (10.4.2)
    rspec (3.3.0)
      rspec-core (~> 3.3.0)
      rspec-expectations (~> 3.3.0)
      rspec-mocks (~> 3.3.0)
    rspec-core (3.3.2)
      rspec-support (~> 3.3.0)
    rspec-expectations (3.3.1)
      diff-lcs (>= 1.2.0, < 2.0)
      rspec-support (~> 3.3.0)
    rspec-mocks (3.3.2)
      diff-lcs (>= 1.2.0, < 2.0)
      rspec-support (~> 3.3.0)
    rspec-support (3.3.0)
    rubocop (0.33.0)
      astrolabe (~> 1.3)
      parser (>= 2.2.2.5, < 3.0)
      powerpack (~> 0.1)
      rainbow (>= 1.99.1, < 3.0)
      ruby-progressbar (~> 1.4)
    ruby-progressbar (1.7.5)
    ruby_parser (3.7.2)
      sexp_processor (~> 4.1)
    sexp_processor (4.6.0)
    sinatra (1.4.6)
      rack (~> 1.4)
      rack-protection (~> 1.4)
      tilt (>= 1.3, < 3)
    slop (3.6.0)
    thor (0.19.1)
    thread_safe (0.3.5)
    tilt (2.0.1)
    tzinfo (1.2.2)
      thread_safe (~> 0.1)

PLATFORMS
  ruby

DEPENDENCIES
  activesupport (~> 4.2.4)
  bundler-audit (~> 0.4.0)
  daemons (~> 1.2.3)
  flog (~> 4.3.2)
  httparty (~> 0.10.0)
  light-service!
  msgpack (~> 0.5.12)
  pry (~> 0.10.0)
  rack-test (~> 0.6.3)
  rake (~> 10.4.2)
  rspec (~> 3.3.0)
  rubocop (~> 0.33.0)
  sinatra (~> 1.4.6)

BUNDLED WITH
   1.10.6
